GEM
  remote: http://rubygems.org/
  specs:
    addressable (2.2.8)
    coderay (1.0.6)
    excon (0.14.0)
    haml (3.1.6)
    heroku (2.26.5)
      heroku-api (~> 0.2.4)
      launchy (>= 0.3.2)
      netrc (~> 0.7.2)
      rest-client (~> 1.6.1)
      rubyzip
    heroku-api (0.2.4)
      excon (~> 0.14.0)
    httparty (0.8.3)
      multi_json (~> 1.0)
      multi_xml
    launchy (2.1.0)
      addressable (~> 2.2.6)
    method_source (0.7.1)
    mime-types (1.18)
    multi_json (1.3.6)
    multi_xml (0.5.1)
    netrc (0.7.2)
    pry (0.9.9.6)
      coderay (~> 1.0.5)
      method_source (~> 0.7.1)
      slop (>= 2.4.4, < 3)
    rack (1.4.1)
    rest-client (1.6.7)
      mime-types (>= 1.16)
    rubyzip (0.9.8)
    shotgun (0.9)
      rack (>= 1.0)
    slop (2.4.4)

PLATFORMS
  ruby

DEPENDENCIES
  haml
  heroku
  httparty
  pry
  rack
  rest-client
  shotgun
